GEM
  remote: https://rubygems.org/
  specs:
    dotenv (2.1.1)
    mail (2.6.4)
      mime-types (>= 1.16, < 4)
    mime-types (3.0)
      mime-types-data (~> 3.2015)
    mime-types-data (3.2016.0221)
    pony (1.11)
      mail (>= 2.0)

PLATFORMS
  ruby

DEPENDENCIES
  dotenv
  pony

BUNDLED WITH
   1.11.2
